GEM
  remote: http://rubygems.org/
  specs:
    faraday (0.9.1)
      multipart-post (>= 1.2, < 3)
    haml (4.0.6)
      tilt
    kgio (2.9.3)
    multi_json (1.11.0)
    multipart-post (2.0.0)
    rack (1.6.13)
    rack-protection (1.5.5)
      rack
    raindrops (0.13.0)
    simple_oauth (0.1.9)
    sinatra (1.4.6)
      rack (~> 1.4)
      rack-protection (~> 1.4)
      tilt (>= 1.3, < 3)
    tilt (2.0.1)
    twitter (4.0.0)
      faraday (~> 0.8)
      multi_json (~> 1.3)
      simple_oauth (~> 0.1.6)
    unicorn (4.8.3)
      kgio (~> 2.6)
      rack
      raindrops (~> 0.7)

PLATFORMS
  ruby

DEPENDENCIES
  haml
  sinatra
  twitter (= 4.0.0)
  unicorn
